GEM
  remote: http://rubygems.org/
  specs:
    addressable (2.8.0)
      public_suffix (>= 2.0.2, < 5.0)
    builder (3.2.2)
    faraday (0.8.7)
      multipart-post (~> 1.1)
    git (1.2.5)
    github-markup (0.7.5)
    github_api (0.10.1)
      addressable
      faraday (~> 0.8.1)
      hashie (>= 1.2)
      multi_json (~> 1.4)
      nokogiri (~> 1.5.2)
      oauth2
    hashie (2.0.5)
    highline (1.6.19)
    httpauth (0.2.0)
    jeweler (1.8.6)
      builder
      bundler (~> 1.0)
      git (>= 1.2.5)
      github_api (= 0.10.1)
      highline (>= 1.6.15)
      nokogiri (= 1.5.10)
      rake
      rdoc
    json (1.8.0)
    jwt (0.1.8)
      multi_json (>= 1.5)
    minitest (4.7.5)
    multi_json (1.7.7)
    multi_xml (0.5.4)
    multipart-post (1.2.0)
    nokogiri (1.5.10)
    nokogiri (1.5.10-x86-mingw32)
    oauth2 (0.9.2)
      faraday (~> 0.8)
      httpauth (~> 0.2)
      jwt (~> 0.1.4)
      multi_json (~> 1.0)
      multi_xml (~> 0.5)
      rack (~> 1.2)
    public_suffix (4.0.6)
    rack (1.5.2)
    rake (10.1.0)
    rdoc (4.0.1)
      json (~> 1.4)
    redcarpet (3.0.0)
    shoulda-context (1.1.4)
    yard (0.8.6.2)

PLATFORMS
  ruby
  x86-mingw32

DEPENDENCIES
  bundler (~> 1.3.5)
  github-markup
  highline (~> 1.6.19)
  jeweler (~> 1.8.4)
  minitest (~> 4.7)
  rake
  redcarpet
  shoulda-context
  yard (~> 0.8.6.2)
